GEM
  remote: http://rubygems.org/
  specs:
    builder (3.2.2)
    cucumber (1.1.3)
      builder (>= 2.1.2)
      diff-lcs (>= 1.1.2)
      gherkin (~> 2.6.7)
      json (>= 1.4.6)
      term-ansicolor (>= 1.0.6)
    diff-lcs (1.1.3)
    gherkin (2.6.9)
      json (>= 1.4.6)
    json (1.8.3)
    rspec (2.7.0)
      rspec-core (~> 2.7.0)
      rspec-expectations (~> 2.7.0)
      rspec-mocks (~> 2.7.0)
    rspec-core (2.7.1)
    rspec-expectations (2.7.0)
      diff-lcs (~> 1.1.2)
    rspec-mocks (2.7.0)
    taglib-ruby (0.7.1)
    term-ansicolor (1.3.2)
      tins (~> 1.0)
    tins (1.9.0)

PLATFORMS
  ruby

DEPENDENCIES
  cucumber (= 1.1.3)
  rspec (= 2.7.0)
  taglib-ruby

BUNDLED WITH
   1.11.2
